GEM
  remote: https://rubygems.org/
  specs:
    autoprefixer-rails (9.7.4)
      execjs
    bootstrap-sass (3.4.1)
      autoprefixer-rails (>= 5.2.1)
      sassc (>= 2.0.0)
    execjs (2.7.0)
    ffi (1.12.2)
    mustermann (1.1.1)
      ruby2_keywords (~> 0.0.1)
    nio4r (2.5.2)
    puma (4.3.1)
      nio4r (~> 2.0)
    rack (2.2.3)
    rack-protection (2.2.0)
      rack
    rack-test (1.1.0)
      rack (>= 1.0, < 3)
    ruby2_keywords (0.0.5)
    sassc (2.2.1)
      ffi (~> 1.9)
    sinatra (2.2.0)
      mustermann (~> 1.0)
      rack (~> 2.2)
      rack-protection (= 2.2.0)
      tilt (~> 2.0)
    tilt (2.0.10)

PLATFORMS
  ruby

DEPENDENCIES
  bootstrap-sass (~> 3.4.1)
  puma
  rack-test
  sinatra

BUNDLED WITH
   1.17.2
